GEM
  remote: https://rubygems.org/
  specs:
    mini_portile (0.5.1)
    nokogiri (1.6.0)
      mini_portile (~> 0.5.0)
    nokogiri-plist (0.5.0)
      nokogiri
    terminal-notifier (1.4.2)

PLATFORMS
  ruby

DEPENDENCIES
  nokogiri-plist
  terminal-notifier
